GEM
  remote: https://gems.ruby-china.com/
  specs:
    httparty (0.15.7)
      multi_xml (>= 0.5.2)
    multi_xml (0.6.0)

PLATFORMS
  ruby

DEPENDENCIES
  httparty (~> 0.15.6)

BUNDLED WITH
   1.17.1
